GEM
  remote: https://rubygems.org/
  specs:
    highline (1.6.19)
    json (1.8.0)
    rainbow (1.1.4)

PLATFORMS
  ruby

DEPENDENCIES
  highline
  json
  rainbow
